GEM
  remote: https://rubygems.org/
  specs:
    json (1.8.2)
    psych (2.0.11)

PLATFORMS
  ruby

DEPENDENCIES
  json (~> 1.8)
  psych (~> 2.0.11)
